PATH
  remote: .
  specs:
    ratio (1.0.1)

GEM
  remote: https://rubygems.org/
  specs:
    byebug (2.6.0)
      columnize (~> 0.3)
      debugger-linecache (~> 1.2)
    columnize (0.3.6)
    debugger-linecache (1.2.0)
    docile (1.1.3)
    minitest (4.7.5)
    multi_json (1.8.4)
    rake (10.1.1)
    simplecov (0.8.2)
      docile (~> 1.1.0)
      multi_json
      simplecov-html (~> 0.8.0)
    simplecov-html (0.8.0)
    timecop (0.6.3)

PLATFORMS
  ruby

DEPENDENCIES
  byebug
  minitest (~> 4.7)
  rake (>= 0.8.7)
  ratio!
  simplecov
  timecop (~> 0.6.3)
